GIT
  remote: git://github.com/ifad/hawk.git
  revision: eb7f2cf81fdc73df2efa429be31ffb0d9c9e85e7
  specs:
    hawk (0.2.7)
      dalli
      ethon (>= 0.7.4)
      multi_json
      typhoeus

GEM
  remote: https://rubygems.org/
  specs:
    dalli (2.7.4)
    ethon (0.8.0)
      ffi (>= 1.3.0)
    ffi (1.9.10)
    mini_portile (0.6.2)
    multi_json (1.11.2)
    nokogiri (1.6.6.2)
      mini_portile (~> 0.6.0)
    typhoeus (0.8.0)
      ethon (>= 0.8.0)

PLATFORMS
  ruby

DEPENDENCIES
  hawk!
  nokogiri

BUNDLED WITH
   1.10.6
